GIT
  remote: git://github.com/sinatra/sinatra.git
  revision: 818c5e182618abfd92ce024931929bb4bfd334be
  specs:
    sinatra (1.4.4)
      rack (~> 1.4)
      rack-protection (~> 1.4)
      tilt (~> 1.3, >= 1.3.4)

GEM
  remote: http://rubygems.org/
  specs:
    activemodel (3.2.15)
      activesupport (= 3.2.15)
      builder (~> 3.0.0)
    activesupport (3.2.15)
      i18n (~> 0.6, >= 0.6.4)
      multi_json (~> 1.0)
    builder (3.0.4)
    haml (4.0.4)
      tilt
    i18n (0.6.5)
    kgio (2.8.1)
    mongo_ext (0.19.3)
    mongoid (3.1.5)
      activemodel (~> 3.2)
      moped (~> 1.4)
      origin (~> 1.0)
      tzinfo (~> 0.3.29)
    moped (1.5.1)
    multi_json (1.8.2)
    origin (1.1.0)
    rack (1.5.2)
    rack-protection (1.5.1)
      rack
    raindrops (0.12.0)
    sinatra-mongoid (0.0.2)
      mongo_ext
      mongoid
      sinatra
    sinatra-twitter-bootstrap (2.3.3)
    tilt (1.4.1)
    tzinfo (0.3.38)
    unicorn (4.7.0)
      kgio (~> 2.6)
      rack
      raindrops (~> 0.7)
    unicorn-worker-killer (0.4.2)
      unicorn (~> 4)

PLATFORMS
  ruby

DEPENDENCIES
  haml
  sinatra!
  sinatra-mongoid
  sinatra-twitter-bootstrap
  unicorn
  unicorn-worker-killer
